GEM
  remote: https://rubygems.org/
  specs:
    backports (3.12.0)
    coderay (1.1.2)
    concurrent-ruby (1.1.4)
    coolline (0.5.0)
      unicode_utils (~> 1.4)
    faker (1.9.3)
      i18n (>= 0.7)
    graphql (1.9.3)
    i18n (1.5.3)
      concurrent-ruby (~> 1.0)
    iodine (0.7.25)
    machinist (2.0)
    method_source (0.9.2)
    multi_json (1.13.1)
    mustermann (1.0.3)
    pry (0.12.2)
      coderay (~> 1.1.0)
      method_source (~> 0.9.0)
    pry-coolline (0.2.5)
      coolline (~> 0.5)
    rack (2.0.6)
    rack-protection (2.0.5)
      rack
    sequel (5.17.0)
    sinatra (2.0.5)
      mustermann (~> 1.0)
      rack (~> 2.0)
      rack-protection (= 2.0.5)
      tilt (~> 2.0)
    sinatra-contrib (2.0.5)
      backports (>= 2.8.2)
      multi_json
      mustermann (~> 1.0)
      rack-protection (= 2.0.5)
      sinatra (= 2.0.5)
      tilt (>= 1.3, < 3)
    sqlite3 (1.4.0)
    tilt (2.0.9)
    unicode_utils (1.4.0)
    zeitwerk (1.3.1)

PLATFORMS
  ruby

DEPENDENCIES
  faker
  graphql
  iodine
  machinist
  pry
  pry-coolline
  sequel
  sinatra
  sinatra-contrib
  sqlite3
  zeitwerk

RUBY VERSION
   ruby 2.6.1p33

BUNDLED WITH
   1.17.2
